GEM
  remote: https://rubygems.org/
  specs:
    comic_vine-api (0.1.1)
      faraday
    dotenv (2.4.0)
    faraday (0.15.2)
      multipart-post (>= 1.2, < 3)
    marvel-api (0.1.0)
      faraday
    multipart-post (2.0.0)
    mysql2 (0.5.1)
    rack (2.0.5)
    roda (3.9.0)
      rack
    sequel (5.9.0)
    shotgun (0.9.2)
      rack (>= 1.0)

PLATFORMS
  ruby

DEPENDENCIES
  comic_vine-api
  dotenv
  faraday
  marvel-api
  mysql2
  roda
  sequel
  shotgun

BUNDLED WITH
   1.16.1
