GEM
  remote: https://rubygems.org/
  specs:
    byebug (10.0.2)
    comic_vine-api (0.1.1)
      faraday
    diff-lcs (1.3)
    dotenv (2.4.0)
    faraday (0.15.2)
      multipart-post (>= 1.2, < 3)
    marvel-api (0.1.0)
      faraday
    multipart-post (2.0.0)
    mysql2 (0.5.1)
    rack (2.0.5)
    rack-cors (1.0.2)
    rack-test (1.0.0)
      rack (>= 1.0, < 3)
    roda (3.9.0)
      rack
    rspec (3.7.0)
      rspec-core (~> 3.7.0)
      rspec-expectations (~> 3.7.0)
      rspec-mocks (~> 3.7.0)
    rspec-core (3.7.1)
      rspec-support (~> 3.7.0)
    rspec-expectations (3.7.0)
      diff-lcs (>= 1.2.0, < 2.0)
      rspec-support (~> 3.7.0)
    rspec-mocks (3.7.0)
      diff-lcs (>= 1.2.0, < 2.0)
      rspec-support (~> 3.7.0)
    rspec-support (3.7.1)
    sequel (5.9.0)
    shotgun (0.9.2)
      rack (>= 1.0)

PLATFORMS
  ruby

DEPENDENCIES
  byebug
  comic_vine-api
  dotenv
  faraday
  marvel-api
  mysql2
  rack-cors
  rack-test
  roda
  rspec
  sequel
  shotgun

BUNDLED WITH
   1.16.1
